PATH
  remote: .
  specs:
    ragnarson-stylecheck (0.5.0)
      rake (~> 10.0)
      rubocop (~> 0.49)

GEM
  remote: https://rubygems.org/
  specs:
    ast (2.3.0)
    parallel (1.11.2)
    parser (2.4.0.0)
      ast (~> 2.2)
    powerpack (0.1.1)
    rainbow (2.2.2)
      rake
    rake (10.5.0)
    rubocop (0.49.1)
      parallel (~> 1.10)
      parser (>= 2.3.3.1, < 3.0)
      powerpack (~> 0.1)
      rainbow (>= 1.99.1, < 3.0)
      ruby-progressbar (~> 1.7)
      unicode-display_width (~> 1.0, >= 1.0.1)
    ruby-progressbar (1.8.1)
    unicode-display_width (1.3.0)

PLATFORMS
  ruby

DEPENDENCIES
  bundler (~> 1.10)
  ragnarson-stylecheck!

BUNDLED WITH
   1.15.1
