PATH
  remote: .
  specs:
    ragnarson-stylecheck (0.6.1)
      rake (>= 10.0)
      rubocop (~> 0.52.1)

GEM
  remote: https://rubygems.org/
  specs:
    ast (2.4.0)
    parallel (1.12.1)
    parser (2.4.0.2)
      ast (~> 2.3)
    powerpack (0.1.1)
    rainbow (3.0.0)
    rake (12.3.0)
    rubocop (0.52.1)
      parallel (~> 1.10)
      parser (>= 2.4.0.2, < 3.0)
      powerpack (~> 0.1)
      rainbow (>= 2.2.2, < 4.0)
      ruby-progressbar (~> 1.7)
      unicode-display_width (~> 1.0, >= 1.0.1)
    ruby-progressbar (1.9.0)
    unicode-display_width (1.3.0)

PLATFORMS
  ruby

DEPENDENCIES
  bundler (~> 1.10)
  ragnarson-stylecheck!

BUNDLED WITH
   1.16.1
