PATH
  remote: .
  specs:
    ragnarson-stylecheck (0.0.5)
      rubocop (~> 0.36.0)

GEM
  remote: https://rubygems.org/
  specs:
    ast (2.2.0)
    parser (2.3.0.2)
      ast (~> 2.2)
    powerpack (0.1.1)
    rainbow (2.1.0)
    rake (10.5.0)
    rubocop (0.36.0)
      parser (>= 2.3.0.0, < 3.0)
      powerpack (~> 0.1)
      rainbow (>= 1.99.1, < 3.0)
      ruby-progressbar (~> 1.7)
    ruby-progressbar (1.7.5)

PLATFORMS
  ruby

DEPENDENCIES
  bundler (~> 1.10)
  ragnarson-stylecheck!
  rake (~> 10.0)

BUNDLED WITH
   1.11.2
