PATH
  remote: .
  specs:
    ragnarson-stylecheck (0.0.5)
      rubocop (~> 0.35.0)

GEM
  remote: https://rubygems.org/
  specs:
    ast (2.2.0)
    astrolabe (1.3.1)
      parser (~> 2.2)
    parser (2.2.3.0)
      ast (>= 1.1, < 3.0)
    powerpack (0.1.1)
    rainbow (2.0.0)
    rake (10.5.0)
    rubocop (0.35.1)
      astrolabe (~> 1.3)
      parser (>= 2.2.3.0, < 3.0)
      powerpack (~> 0.1)
      rainbow (>= 1.99.1, < 3.0)
      ruby-progressbar (~> 1.7)
      tins (<= 1.6.0)
    ruby-progressbar (1.7.5)
    tins (1.6.0)

PLATFORMS
  ruby

DEPENDENCIES
  bundler (~> 1.10)
  ragnarson-stylecheck!
  rake (~> 10.0)

BUNDLED WITH
   1.11.2
